GEM
  remote: https://rubygems.org/
  specs:
    rouge (2.0.7)
    xcpretty (0.3.0)
      rouge (~> 2.0.7)
    xcpretty-actions-formatter (0.1.2)
      xcpretty (~> 0.2)

PLATFORMS
  ruby

DEPENDENCIES
  xcpretty
  xcpretty-actions-formatter

BUNDLED WITH
   2.1.4
